GEM
  remote: https://rubygems.org/
  specs:
    ffi (1.9.25)
    image_size (2.0.0)
    rb-fsevent (0.10.3)
    rb-inotify (0.9.10)
      ffi (>= 0.5.0, < 2)
    review (2.5.0)
      image_size
      rouge
      rubyzip
    review-peg (0.2.2)
    rouge (3.2.1)
    rubyzip (1.2.2)
    sass (3.6.0)
      sass-listen (~> 4.0.0)
    sass-listen (4.0.0)
      rb-fsevent (~> 0.9, >= 0.9.4)
      rb-inotify (~> 0.9, >= 0.9.7)

PLATFORMS
  ruby

DEPENDENCIES
  review
  review-peg
  sass

BUNDLED WITH
   1.16.3
